GEM
  remote: http://rubygems.org/
  specs:
    abstract (1.0.0)
    actionmailer (3.0.0.beta2)
      actionpack (= 3.0.0.beta2)
      mail (~> 2.1.5.3)
      text-format (~> 1.0.0)
    actionpack (3.0.0.beta2)
      activemodel (= 3.0.0.beta2)
      activesupport (= 3.0.0.beta2)
      erubis (~> 2.6.5)
      rack (~> 1.1.0)
      rack-mount (~> 0.6.0)
      rack-test (~> 0.5.0)
    activemodel (3.0.0.beta2)
      activesupport (= 3.0.0.beta2)
    activerecord (3.0.0.beta2)
      activemodel (= 3.0.0.beta2)
      activesupport (= 3.0.0.beta2)
      arel (~> 0.3.3)
    activeresource (3.0.0.beta2)
      activemodel (= 3.0.0.beta2)
      activesupport (= 3.0.0.beta2)
    activesupport (3.0.0.beta2)
      builder (~> 2.1.2)
      i18n (~> 0.3.6)
      memcache-client (>= 1.7.5)
      tzinfo (~> 0.3.16)
    addressable (2.3.2)
    arel (0.3.3)
      activesupport (>= 3.0.0.beta)
    builder (2.1.2)
    capybara (1.1.2)
      mime-types (>= 1.16)
      nokogiri (>= 1.3.3)
      rack (>= 1.0.0)
      rack-test (>= 0.5.4)
      selenium-webdriver (~> 2.0)
      xpath (~> 0.1.4)
    childprocess (0.3.5)
      ffi (~> 1.0, >= 1.0.6)
    compass (0.10.0.rc4)
      haml (>= 3.0.0.rc.1)
    cucumber (1.2.1)
      builder (>= 2.1.2)
      diff-lcs (>= 1.1.3)
      gherkin (~> 2.11.0)
      json (>= 1.4.6)
    cucumber-rails (1.3.0)
      capybara (>= 1.1.2)
      cucumber (>= 1.1.8)
      nokogiri (>= 1.5.0)
    database_cleaner (0.8.0)
    diff-lcs (1.1.3)
    erubis (2.6.6)
      abstract (>= 1.0.0)
    factory_girl (2.6.4)
      activesupport (>= 2.3.9)
    ffi (1.1.4)
    gherkin (2.11.1)
      json (>= 1.4.6)
    haml (3.0.0.rc.3)
    high_voltage (1.2.0)
    i18n (0.3.7)
    json (1.7.4)
    libwebsocket (0.1.5)
      addressable
    mail (2.1.5.3)
      activesupport (>= 2.3.4)
      mime-types
      treetop (>= 1.4.5)
    memcache-client (1.8.5)
    mime-types (1.19)
    multi_json (1.3.6)
    nokogiri (1.5.5)
    pg (0.14.0)
    polyglot (0.3.3)
    rack (1.1.3)
    rack-mount (0.6.14)
      rack (>= 1.0.0)
    rack-test (0.5.7)
      rack (>= 1.0)
    rails (3.0.0.beta2)
      actionmailer (= 3.0.0.beta2)
      actionpack (= 3.0.0.beta2)
      activerecord (= 3.0.0.beta2)
      activeresource (= 3.0.0.beta2)
      activesupport (= 3.0.0.beta2)
      bundler (>= 0.9.14)
      railties (= 3.0.0.beta2)
    railties (3.0.0.beta2)
      actionpack (= 3.0.0.beta2)
      activesupport (= 3.0.0.beta2)
      rake (>= 0.8.3)
      thor (~> 0.13.4)
    rake (0.9.2.2)
    rdiscount (1.6.8)
    rubyzip (0.9.9)
    selenium-webdriver (2.25.0)
      childprocess (>= 0.2.5)
      libwebsocket (~> 0.1.3)
      multi_json (~> 1.0)
      rubyzip
    sqlite3 (1.3.6)
    sqlite3-ruby (1.3.3)
      sqlite3 (>= 1.3.3)
    text-format (1.0.0)
      text-hyphen (~> 1.0.0)
    text-hyphen (1.0.2)
    thor (0.13.8)
    timecop (0.4.4)
    treetop (1.4.10)
      polyglot
      polyglot (>= 0.3.1)
    tzinfo (0.3.33)
    xpath (0.1.4)
      nokogiri (~> 1.3)

PLATFORMS
  ruby

DEPENDENCIES
  capybara
  compass (= 0.10.0.rc4)
  cucumber-rails
  database_cleaner
  factory_girl
  haml (= 3.0.0.rc.3)
  high_voltage
  pg
  rails (= 3.0.0.beta2)
  rdiscount
  sqlite3-ruby
  timecop
